GEM
  remote: http://rubygems.org/
  specs:
    rake (0.9.2.2)
    soap4r-ruby1.9 (2.0.3)

PLATFORMS
  ruby

DEPENDENCIES
  rake
  soap4r-ruby1.9
